GEM
  remote: https://rubygems.org/
  specs:
    git (1.7.0)
      rchardet (~> 1.8)
    rchardet (1.8.0)
    rexml (3.2.4)

PLATFORMS
  ruby

DEPENDENCIES
  git
  rexml

RUBY VERSION
   ruby 2.7.2p137

BUNDLED WITH
   2.1.4
